GIT
  remote: git://github.com/mattconnolly/rbczmq.git
  revision: a4ece372d07cb7520738fe87ddbff5fc44e01f43
  branch: master
  specs:
    rbczmq (1.5)

GEM
  remote: https://rubygems.org/
  specs:

PLATFORMS
  ruby

DEPENDENCIES
  rbczmq!
