GIT
  remote: git://github.com/mattconnolly/rbczmq.git
  revision: 5f5d5e4084458596c0c94af776e21a11c827fdfa
  branch: master
  specs:
    rbczmq (1.3)

GEM
  remote: https://rubygems.org/
  specs:
    ffi (1.8.1)
    ffi-rzmq (1.0.1)
      ffi

PLATFORMS
  ruby

DEPENDENCIES
  ffi-rzmq
  rbczmq!
