GIT
  remote: git://github.com/mattconnolly/rbczmq.git
  revision: adbbf938c363a98c21fa1a52fa31a48792ad01ac
  branch: master
  specs:
    rbczmq (1.4)

GEM
  remote: https://rubygems.org/
  specs:

PLATFORMS
  ruby

DEPENDENCIES
  rbczmq!
